PATH
  remote: .
  specs:
    xml_in_kdl (0.1.0)
      kdl (~> 1.0)
      nokogiri (~> 1.13)

GEM
  remote: https://rubygems.org/
  specs:
    kdl (1.0.3)
      simpleidn (~> 0.2.1)
    minitest (5.16.1)
    nokogiri (1.13.6-x86_64-linux)
      racc (~> 1.4)
    racc (1.6.0)
    rake (13.0.6)
    simpleidn (0.2.1)
      unf (~> 0.1.4)
    unf (0.1.4)
      unf_ext
    unf_ext (0.0.8.2)

PLATFORMS
  x86_64-linux

DEPENDENCIES
  minitest (~> 5.0)
  rake (~> 13.0)
  xml_in_kdl!

BUNDLED WITH
   2.3.14
